GEM
  remote: https://rubygems.org/
  specs:
    diff-lcs (1.5.0)
    json (2.7.1)
    mini_magick (4.12.0)
    rake (13.1.0)
    rspec (3.12.0)
      rspec-core (~> 3.12.0)
      rspec-expectations (~> 3.12.0)
      rspec-mocks (~> 3.12.0)
    rspec-core (3.12.2)
      rspec-support (~> 3.12.0)
    rspec-expectations (3.12.3)
      diff-lcs (>= 1.2.0, < 2.0)
      rspec-support (~> 3.12.0)
    rspec-mocks (3.12.6)
      diff-lcs (>= 1.2.0, < 2.0)
      rspec-support (~> 3.12.0)
    rspec-support (3.12.1)
    yaml (0.2.0)

PLATFORMS
  x86_64-linux

DEPENDENCIES
  json
  mini_magick
  rake
  rspec
  yaml

BUNDLED WITH
   2.3.3
