GEM
  remote: https://rubygems.org/
  specs:
    rake (13.1.0)
    yaml (0.2.0)

PLATFORMS
  x86_64-linux

DEPENDENCIES
  rake
  yaml

BUNDLED WITH
   2.3.3
